GEM
  remote: http://rubygems.org/
  remote: http://maestro:maestro@lucee.maestrodev.net:8081/
  specs:
    andand (1.3.1)
    bamboo-client (0.0.6)
      json
      nokogiri
      rest-client
    blankslate (2.1.2.4)
    bouncy-castle-java (1.5.0146.1)
    builder (2.1.2)
    columnize (0.3.6)
    crack (0.1.8)
    diff-lcs (1.1.3)
    eventmachine (0.12.10)
    eventmachine (0.12.10-java)
    facter (1.6.3)
    file-tail (1.0.8)
      tins (~> 0.3)
    grit (2.4.1)
      diff-lcs (~> 1.1)
      mime-types (~> 1.15)
    hpricot (0.8.6)
    hpricot (0.8.6-java)
    httparty (0.6.1)
      crack (= 0.1.8)
    jenkins (0.6.4)
      builder (~> 2.1.2)
      hpricot
      httparty (~> 0.6.1)
      json_pure (>= 1.5.1)
      term-ansicolor (>= 1.0.4)
      thor (~> 0.14.2)
    jruby-openssl (0.7.6.1)
      bouncy-castle-java (>= 1.5.0146.1)
    json (1.4.6)
    json (1.4.6-java)
    json_pure (1.6.5)
    little-plugger (1.1.3)
    logging (1.6.1)
      little-plugger (>= 1.1.2)
    maestro_agent (0.0.15.snapshot)
      andand (= 1.3.1)
      bamboo-client (= 0.0.6)
      builder (= 2.1.2)
      columnize (= 0.3.6)
      eventmachine (= 0.12.10)
      facter (= 1.6.3)
      grit (= 2.4.1)
      jenkins (= 0.6.4)
      jruby-openssl
      json (= 1.4.6)
      logging (= 1.6.1)
      metaclass (= 0.0.1)
      minitar (= 0.5.3)
      net-scp (= 1.0.4)
      net-ssh (= 2.2.1)
      onstomp (= 1.0.5)
      rake (= 0.9.2.2)
      rest-client (= 1.6.7)
      rubyzip (= 0.9.5)
      ruote (~> 2.2.1.maestro)
      ruote-stomp (= 2.2.2.maestro)
      sexp_processor (= 3.0.9)
      xml-simple (= 1.1.1)
    metaclass (0.0.1)
    mime-types (1.17.2)
    minitar (0.5.3)
    mocha (0.10.0)
      metaclass (~> 0.0.1)
    net-scp (1.0.4)
      net-ssh (>= 1.99.1)
    net-ssh (2.2.1)
    nokogiri (1.5.2)
    nokogiri (1.5.2-java)
    onstomp (1.0.5)
    parslet (1.2.1)
      blankslate (~> 2.0)
    rake (0.9.2.2)
    rcov (0.9.11)
    rcov (0.9.11-java)
    rest-client (1.6.7)
      mime-types (>= 1.16)
    rspec (2.8.0)
      rspec-core (~> 2.8.0)
      rspec-expectations (~> 2.8.0)
      rspec-mocks (~> 2.8.0)
    rspec-core (2.8.0)
    rspec-expectations (2.8.0)
      diff-lcs (~> 1.1.2)
    rspec-mocks (2.8.0)
    ruby2ruby (1.3.1)
      ruby_parser (~> 2.0)
      sexp_processor (~> 3.0)
    ruby_parser (2.3.1)
      sexp_processor (~> 3.0)
    rubyzip (0.9.5)
    rufus-cloche (1.0.2)
      rufus-json (>= 1.0.1)
    rufus-dollar (1.0.4)
    rufus-json (1.0.1)
    rufus-mnemo (1.2.2)
    rufus-scheduler (2.0.16)
      tzinfo (>= 0.3.23)
    rufus-treechecker (1.0.8)
      ruby_parser (>= 2.0.5)
    ruote (2.2.1.maestro)
      parslet (= 1.2.1)
      rufus-cloche (>= 1.0.1)
      rufus-dollar (>= 1.0.4)
      rufus-json (>= 1.0.1)
      rufus-mnemo (>= 1.1.0)
      rufus-scheduler (>= 2.0.9)
      rufus-treechecker (>= 1.0.6)
      sourcify (= 0.5.0)
    ruote-stomp (2.2.2.maestro)
      json
      onstomp (~> 1.0.4)
      parslet
      ruote (~> 2.2.0)
    sexp_processor (3.0.9)
    smsified (0.1.7)
      httparty
    sourcify (0.5.0)
      file-tail (>= 1.0.5)
      ruby2ruby (>= 1.2.5)
      ruby_parser (>= 2.0.5)
      sexp_processor (>= 3.0.5)
    term-ansicolor (1.0.7)
    thor (0.14.6)
    tins (0.3.10)
    tzinfo (0.3.32)
    xml-simple (1.1.1)
    zippy (0.2.0)
      rubyzip (>= 0.9.1)

PLATFORMS
  java
  ruby

DEPENDENCIES
  bundler (= 1.0.22)
  maestro_agent (= 0.0.15.snapshot)
  mocha (= 0.10.0)
  rake
  rcov (= 0.9.11)
  rspec
  rspec-core
  smsified (= 0.1.7)
  zippy
